GEM
  remote: https://rubygems.org/
  specs:
    actioncable (5.2.1)
      actionpack (= 5.2.1)
      nio4r (~> 2.0)
      websocket-driver (>= 0.6.1)
    actionmailer (5.2.1)
      actionpack (= 5.2.1)
      actionview (= 5.2.1)
      activejob (= 5.2.1)
      mail (~> 2.5, >= 2.5.4)
      rails-dom-testing (~> 2.0)
    actionpack (5.2.1)
      actionview (= 5.2.1)
      activesupport (= 5.2.1)
      rack (~> 2.0)
      rack-test (>= 0.6.3)
      rails-dom-testing (~> 2.0)
      rails-html-sanitizer (~> 1.0, >= 1.0.2)
    actionview (5.2.1)
      activesupport (= 5.2.1)
      builder (~> 3.1)
      erubi (~> 1.4)
      rails-dom-testing (~> 2.0)
      rails-html-sanitizer (~> 1.0, >= 1.0.3)
    activejob (5.2.1)
      activesupport (= 5.2.1)
      globalid (>= 0.3.6)
    activemodel (5.2.1)
      activesupport (= 5.2.1)
    activerecord (5.2.1)
      activemodel (= 5.2.1)
      activesupport (= 5.2.1)
      arel (>= 9.0)
    activestorage (5.2.1)
      actionpack (= 5.2.1)
      activerecord (= 5.2.1)
      marcel (~> 0.3.1)
    activesupport (5.2.1)
      concurrent-ruby (~> 1.0, >= 1.0.2)
      i18n (>= 0.7, < 2)
      minitest (~> 5.1)
      tzinfo (~> 1.1)
    addressable (2.5.2)
      public_suffix (>= 2.0.2, < 4.0)
    animate-rails (1.0.10)
      rails
    archive-zip (0.11.0)
      io-like (~> 0.3.0)
    arel (9.0.0)
    autoprefixer-rails (9.1.3)
      execjs
    bcrypt (3.1.12)
    bindex (0.5.0)
    bootsnap (1.3.1)
      msgpack (~> 1.0)
    bootstrap-datepicker-rails (1.8.0.1)
      railties (>= 3.0)
    bootstrap-sass (3.3.7)
      autoprefixer-rails (>= 5.2.1)
      sass (>= 3.3.4)
    bootstrap-tour-rails (0.4.0)
    builder (3.2.3)
    byebug (10.0.2)
    c3-rails (0.4.18)
    capybara (3.6.0)
      addressable
      mini_mime (>= 0.1.3)
      nokogiri (~> 1.8)
      rack (>= 1.6.0)
      rack-test (>= 0.6.3)
      xpath (~> 3.1)
    chart-js-rails (0.1.6)
      railties (> 3.1)
    chartist-rails (0.0.1)
    childprocess (0.9.0)
      ffi (~> 1.0, >= 1.0.11)
    chromedriver-helper (1.2.0)
      archive-zip (~> 0.10)
      nokogiri (~> 1.8)
    codemirror-rails (5.16.0)
      railties (>= 3.0, < 6.0)
    coffee-rails (4.2.2)
      coffee-script (>= 2.2.0)
      railties (>= 4.0.0)
    coffee-script (2.4.1)
      coffee-script-source
      execjs
    coffee-script-source (1.12.2)
    concurrent-ruby (1.0.5)
    crass (1.0.4)
    d3-rails (3.5.17)
      railties (>= 3.1)
    devise (4.5.0)
      bcrypt (~> 3.0)
      orm_adapter (~> 0.1)
      railties (>= 4.1.0, < 6.0)
      responders
      warden (~> 1.2.3)
    erubi (1.7.1)
    execjs (2.7.0)
    ffi (1.9.25)
    flot-rails (0.0.7)
      jquery-rails
    font-awesome-rails (4.7.0.4)
      railties (>= 3.2, < 6.0)
    fullcalendar-rails (2.8.0.0)
      jquery-rails (>= 4.0.5, < 5.0.0)
      jquery-ui-rails (>= 5.0.2)
      momentjs-rails (>= 2.9.0)
    globalid (0.4.1)
      activesupport (>= 4.2.0)
    i18n (1.1.0)
      concurrent-ruby (~> 1.0)
    icheck-rails (1.0.2.2)
      jquery-rails
      rails (>= 3.1.0)
      sass-rails
    io-like (0.3.0)
    jbuilder (2.7.0)
      activesupport (>= 4.2.0)
      multi_json (>= 1.2)
    jquery-datatables (1.10.19)
      autoprefixer-rails (>= 6.0.3)
      sass (>= 3.5.2)
    jquery-peity-rails (3.2.0)
    jquery-rails (4.3.3)
      rails-dom-testing (>= 1, < 3)
      railties (>= 4.2.0)
      thor (>= 0.14, < 2.0)
    jquery-slimscroll-rails (1.0.9)
    jquery-ui-rails (5.0.5)
      railties (>= 3.2.16)
    ladda-rails (0.9.7)
    listen (3.1.5)
      rb-fsevent (~> 0.9, >= 0.9.4)
      rb-inotify (~> 0.9, >= 0.9.7)
      ruby_dep (~> 1.2)
    loofah (2.2.2)
      crass (~> 1.0.2)
      nokogiri (>= 1.5.9)
    mail (2.7.0)
      mini_mime (>= 0.1.1)
    marcel (0.3.2)
      mimemagic (~> 0.3.2)
    method_source (0.9.0)
    mimemagic (0.3.2)
    mini_mime (1.0.1)
    mini_portile2 (2.3.0)
    minitest (5.11.3)
    momentjs-rails (2.20.1)
      railties (>= 3.1)
    msgpack (1.2.4)
    multi_json (1.13.1)
    nestable-rails (0.0.1)
      jquery-rails
      railties (>= 3.1)
    nio4r (2.3.1)
    nokogiri (1.8.4)
      mini_portile2 (~> 2.3.0)
    orm_adapter (0.5.0)
    public_suffix (3.0.3)
    puma (3.12.0)
    rack (2.0.5)
    rack-test (1.1.0)
      rack (>= 1.0, < 3)
    rails (5.2.1)
      actioncable (= 5.2.1)
      actionmailer (= 5.2.1)
      actionpack (= 5.2.1)
      actionview (= 5.2.1)
      activejob (= 5.2.1)
      activemodel (= 5.2.1)
      activerecord (= 5.2.1)
      activestorage (= 5.2.1)
      activesupport (= 5.2.1)
      bundler (>= 1.3.0)
      railties (= 5.2.1)
      sprockets-rails (>= 2.0.0)
    rails-dom-testing (2.0.3)
      activesupport (>= 4.2.0)
      nokogiri (>= 1.6)
    rails-html-sanitizer (1.0.4)
      loofah (~> 2.2, >= 2.2.2)
    railties (5.2.1)
      actionpack (= 5.2.1)
      activesupport (= 5.2.1)
      method_source
      rake (>= 0.8.7)
      thor (>= 0.19.0, < 2.0)
    rake (12.3.1)
    rb-fsevent (0.10.3)
    rb-inotify (0.9.10)
      ffi (>= 0.5.0, < 2)
    responders (2.4.0)
      actionpack (>= 4.2.0, < 5.3)
      railties (>= 4.2.0, < 5.3)
    ruby_dep (1.5.0)
    rubyzip (1.2.1)
    sass (3.5.7)
      sass-listen (~> 4.0.0)
    sass-listen (4.0.0)
      rb-fsevent (~> 0.9, >= 0.9.4)
      rb-inotify (~> 0.9, >= 0.9.7)
    sass-rails (5.0.7)
      railties (>= 4.0.0, < 6)
      sass (~> 3.1)
      sprockets (>= 2.8, < 4.0)
      sprockets-rails (>= 2.0, < 4.0)
      tilt (>= 1.1, < 3)
    select2-rails (4.0.3)
      thor (~> 0.14)
    selenium-webdriver (3.14.0)
      childprocess (~> 0.5)
      rubyzip (~> 1.2)
    sparkline (0.1.0)
    spring (2.0.2)
      activesupport (>= 4.2)
    spring-watcher-listen (2.0.1)
      listen (>= 2.7, < 4.0)
      spring (>= 1.2, < 3.0)
    sprockets (3.7.2)
      concurrent-ruby (~> 1.0)
      rack (> 1, < 3)
    sprockets-rails (3.2.1)
      actionpack (>= 4.0)
      activesupport (>= 4.0)
      sprockets (>= 3.0.0)
    sqlite3 (1.3.13)
    sweetalert-rails (1.1.3)
      railties (>= 3.1.0)
    thor (0.20.0)
    thread_safe (0.3.6)
    tilt (2.0.8)
    toastr-rails (1.0.3)
      railties (>= 3.1.0)
    turbolinks (5.2.0)
      turbolinks-source (~> 5.2)
    turbolinks-source (5.2.0)
    tzinfo (1.2.5)
      thread_safe (~> 0.1)
    uglifier (4.1.18)
      execjs (>= 0.3.0, < 3)
    warden (1.2.7)
      rack (>= 1.0)
    web-console (3.6.2)
      actionview (>= 5.0)
      activemodel (>= 5.0)
      bindex (>= 0.4.0)
      railties (>= 5.0)
    websocket-driver (0.7.0)
      websocket-extensions (>= 0.1.0)
    websocket-extensions (0.1.3)
    x-editable-rails (1.5.5.1)
      railties
    xpath (3.1.0)
      nokogiri (~> 1.8)

PLATFORMS
  ruby

DEPENDENCIES
  animate-rails
  bootsnap (>= 1.1.0)
  bootstrap-datepicker-rails (~> 1.5)
  bootstrap-sass (~> 3.3.7)
  bootstrap-tour-rails (~> 0.4.0)
  byebug
  c3-rails (~> 0.4.11)
  capybara (>= 2.15)
  chart-js-rails (~> 0.1.5)
  chartist-rails (~> 0.0.1)
  chromedriver-helper
  codemirror-rails (~> 5.16)
  coffee-rails (~> 4.2)
  d3-rails (~> 3.5, >= 3.5.6)
  devise
  flot-rails (~> 0.0.7)
  font-awesome-rails
  fullcalendar-rails (~> 2.8)
  icheck-rails (~> 1.0, >= 1.0.2.2)
  jbuilder (~> 2.5)
  jquery-datatables
  jquery-peity-rails
  jquery-rails
  jquery-slimscroll-rails
  jquery-ui-rails (~> 5.0, >= 5.0.4)
  ladda-rails (~> 0.9.7)
  listen (>= 3.0.5, < 3.2)
  momentjs-rails
  nestable-rails
  puma (~> 3.11)
  rails (~> 5.2.1)
  sass-rails (~> 5.0)
  select2-rails
  selenium-webdriver
  sparkline (~> 0.1.0)
  spring
  spring-watcher-listen (~> 2.0.0)
  sqlite3
  sweetalert-rails (~> 1.1, >= 1.1.3)
  toastr-rails
  turbolinks (~> 5)
  tzinfo-data
  uglifier (>= 1.3.0)
  web-console (>= 3.3.0)
  x-editable-rails

RUBY VERSION
   ruby 2.5.0p0

BUNDLED WITH
   1.16.4
